
PATH
  remote: .
  specs:
    bitflyer (1.4.0)
      faraday (>= 0.14, < 2.8)
      faraday_middleware (>= 0.12, < 1.3)
      websocket-client-simple (>= 0.3, < 0.7)

GEM
  remote: https://rubygems.org/
  specs:
    ast (2.4.2)
    coderay (1.1.3)